PATH
  remote: .
  specs:
    pi_piper (2.0.beta.11)
      eventmachine (= 1.0.3)
      ffi

GEM
  remote: https://rubygems.org/
  specs:
    allison (2.0.3)
    diff-lcs (1.2.4)
    echoe (4.6.3)
      allison (>= 2.0.3)
      gemcutter (>= 0.7.0)
      rake (>= 0.9.2)
      rdoc (>= 3.6.1)
      rubyforge (>= 2.0.4)
    eventmachine (1.0.3)
    ffi (1.9.0)
    gemcutter (0.7.1)
    json_pure (1.8.1)
    metaclass (0.0.1)
    mocha (0.14.0)
      metaclass (~> 0.0.1)
    multi_json (1.8.2)
    psych (5.1.0)
      stringio
    rake (10.1.0)
    rdoc (6.5.0)
      psych (>= 4.0.0)
    rspec (2.14.1)
      rspec-core (~> 2.14.0)
      rspec-expectations (~> 2.14.0)
      rspec-mocks (~> 2.14.0)
    rspec-core (2.14.6)
    rspec-expectations (2.14.3)
      diff-lcs (>= 1.1.3, < 2.0)
    rspec-mocks (2.14.4)
    rubyforge (2.0.4)
      json_pure (>= 1.1.7)
    simplecov (0.7.1)
      multi_json (~> 1.0)
      simplecov-html (~> 0.7.1)
    simplecov-html (0.7.1)
    stringio (3.0.6)

PLATFORMS
  ruby

DEPENDENCIES
  echoe
  eventmachine (~> 1.0.3)
  ffi
  mocha
  pi_piper!
  rake
  rspec
  simplecov
